GEM
  remote: http://rubygems.org/
  specs:
    haml (3.1.4)

PLATFORMS
  ruby

DEPENDENCIES
  haml
